GIT
  remote: git@github.com:hubberlyzer/hubberlyzer.git
  revision: d9f2d3d30c09eabb8ea0b9a7f486716d171c046b
  specs:
    hubberlyzer (0.2.0)
      nokogiri (~> 1.6)
      typhoeus (~> 0.7)

GEM
  remote: https://rubygems.org/
  specs:
    ethon (0.7.3)
      ffi (>= 1.3.0)
    ffi (1.9.8)
    mini_portile (0.6.2)
    nokogiri (1.6.6.2)
      mini_portile (~> 0.6.0)
    typhoeus (0.7.1)
      ethon (>= 0.7.1)

PLATFORMS
  ruby

DEPENDENCIES
  hubberlyzer!
