GIT
  remote: git@github.com:hubberlyzer/hubberlyzer.git
  revision: b7a1363e6aa715d4f80defbd6ac4c1364942bcc2
  specs:
    hubberlyzer (0.2.0)
      nokogiri (~> 1.6)
      typhoeus (~> 0.7)

GEM
  remote: https://rubygems.org/
  specs:
    ethon (0.7.3)
      ffi (>= 1.3.0)
    ffi (1.9.8)
    mini_portile (0.6.2)
    nokogiri (1.6.6.2)
      mini_portile (~> 0.6.0)
    typhoeus (0.7.1)
      ethon (>= 0.7.1)

PLATFORMS
  ruby

DEPENDENCIES
  hubberlyzer!
